GEM
  remote: https://rubygems.org/
  specs:
    ansi (1.5.0)
    builder (3.2.2)
    ffi (1.9.10)
    gssapi (1.2.0)
      ffi (>= 1.0.1)
    gyoku (1.3.1)
      builder (>= 2.1.2)
    hashie (3.4.2)
    httpclient (2.6.0.1)
    itamae (1.0.13)
      ansi
      hashie
      specinfra (~> 2.1)
      thor
    itamae-plugin-recipe-rtn_rbenv (0.1.0)
      itamae (~> 1.0)
    little-plugger (1.1.3)
    logging (1.8.2)
      little-plugger (>= 1.1.3)
      multi_json (>= 1.8.4)
    multi_json (1.11.2)
    net-scp (1.2.1)
      net-ssh (>= 2.6.5)
    net-ssh (2.9.2)
    net-telnet (0.1.1)
    nori (2.6.0)
    rubyntlm (0.4.0)
    sfl (2.2)
    specinfra (2.40.2)
      net-scp
      net-ssh (~> 2.7)
      net-telnet
      sfl
    thor (0.19.1)
    uuidtools (2.1.5)
    winrm (1.3.3)
      builder (>= 2.1.2)
      gssapi (~> 1.2)
      gyoku (~> 1.0)
      httpclient (~> 2.2, >= 2.2.0.2)
      logging (~> 1.6, >= 1.6.1)
      nori (~> 2.0)
      rubyntlm (~> 0.4.0)
      uuidtools (~> 2.1.2)

PLATFORMS
  ruby

DEPENDENCIES
  itamae (= 1.0.13)
  itamae-plugin-recipe-rtn_rbenv
  winrm

BUNDLED WITH
   1.10.5
