GEM
  remote: https://rubygems.org/
  specs:
    ansi (1.5.0)
    builder (3.2.2)
    byebug (5.0.0)
      columnize (= 0.9.0)
    coderay (1.1.0)
    columnize (0.9.0)
    diff-lcs (1.2.5)
    ffi (1.9.10)
    gssapi (1.2.0)
      ffi (>= 1.0.1)
    gyoku (1.3.1)
      builder (>= 2.1.2)
    hashie (3.4.2)
    httpclient (2.6.0.1)
    itamae (1.4.2)
      ansi
      hashie
      schash (~> 0.1.0)
      specinfra (>= 2.37.0, < 3.0.0)
      thor
    itamae-plugin-recipe-rbenv (0.3.4)
      itamae (~> 1.2)
    little-plugger (1.1.4)
    logging (1.8.2)
      little-plugger (>= 1.1.3)
      multi_json (>= 1.8.4)
    method_source (0.8.2)
    multi_json (1.11.2)
    net-scp (1.2.1)
      net-ssh (>= 2.6.5)
    net-ssh (2.9.2)
    net-telnet (0.1.1)
    nori (2.6.0)
    pry (0.10.2)
      coderay (~> 1.1.0)
      method_source (~> 0.8.1)
      slop (~> 3.4)
    pry-byebug (3.2.0)
      byebug (~> 5.0)
      pry (~> 0.10)
    pry-doc (0.8.0)
      pry (~> 0.9)
      yard (~> 0.8)
    rspec (3.3.0)
      rspec-core (~> 3.3.0)
      rspec-expectations (~> 3.3.0)
      rspec-mocks (~> 3.3.0)
    rspec-core (3.3.2)
      rspec-support (~> 3.3.0)
    rspec-expectations (3.3.1)
      diff-lcs (>= 1.2.0, < 2.0)
      rspec-support (~> 3.3.0)
    rspec-its (1.2.0)
      rspec-core (>= 3.0.0)
      rspec-expectations (>= 3.0.0)
    rspec-mocks (3.3.2)
      diff-lcs (>= 1.2.0, < 2.0)
      rspec-support (~> 3.3.0)
    rspec-support (3.3.0)
    rubyntlm (0.4.0)
    rundock (0.5.4)
      ansi
      net-ssh
      specinfra (>= 2.31.0, < 3.0.0)
      thor
    rundock-plugin-operation-itamae (0.1.4)
      itamae
    schash (0.1.2)
    serverspec (2.24.1)
      multi_json
      rspec (~> 3.0)
      rspec-its
      specinfra (~> 2.43)
    sfl (2.2)
    slop (3.6.0)
    specinfra (2.43.10)
      net-scp
      net-ssh (~> 2.7)
      net-telnet
      sfl
    thor (0.19.1)
    uuidtools (2.1.5)
    winrm (1.3.4)
      builder (>= 2.1.2)
      gssapi (~> 1.2)
      gyoku (~> 1.0)
      httpclient (~> 2.2, >= 2.2.0.2)
      logging (~> 1.6, >= 1.6.1)
      nori (~> 2.0)
      rubyntlm (~> 0.4.0)
      uuidtools (~> 2.1.2)
    yard (0.8.7.6)

PLATFORMS
  ruby

DEPENDENCIES
  itamae (= 1.4.2)
  itamae-plugin-recipe-rbenv
  pry
  pry-byebug
  pry-doc
  rundock
  rundock-plugin-operation-itamae
  serverspec
  winrm

BUNDLED WITH
   1.10.5
