GEM
  remote: https://rubygems.org/
  specs:
    ansi (1.5.0)
    hashie (3.4.2)
    itamae (1.0.13)
      ansi
      hashie
      specinfra (~> 2.1)
      thor
    itamae-plugin-recipe-rtn_rbenv (0.1.0)
      itamae (~> 1.0)
    net-scp (1.2.1)
      net-ssh (>= 2.6.5)
    net-ssh (2.9.2)
    net-telnet (0.1.1)
    sfl (2.2)
    specinfra (2.40.0)
      net-scp
      net-ssh (~> 2.7)
      net-telnet
      sfl
    thor (0.19.1)

PLATFORMS
  ruby

DEPENDENCIES
  itamae (= 1.0.13)
  itamae-plugin-recipe-rtn_rbenv

BUNDLED WITH
   1.10.5
